GEM
  remote: https://rubygems.org/
  specs:
    diff-lcs (1.5.1)
    lolize (0.0.3)
      paint (~> 0.8.3)
    paint (0.8.7)
    rainbow (3.1.1)
    rspec (3.13.0)
      rspec-core (~> 3.13.0)
      rspec-expectations (~> 3.13.0)
      rspec-mocks (~> 3.13.0)
    rspec-core (3.13.0)
      rspec-support (~> 3.13.0)
    rspec-expectations (3.13.1)
      diff-lcs (>= 1.2.0, < 2.0)
      rspec-support (~> 3.13.0)
    rspec-mocks (3.13.1)
      diff-lcs (>= 1.2.0, < 2.0)
      rspec-support (~> 3.13.0)
    rspec-support (3.13.1)

PLATFORMS
  x86_64-linux

DEPENDENCIES
  lolize (~> 0.0.3)
  rainbow (~> 3.1)
  rspec (~> 3.13)

BUNDLED WITH
   2.4.10
